PATH
  remote: .
  specs:
    io-nonblock (0.2.0)

GEM
  remote: https://rubygems.org/
  specs:
    power_assert (2.0.3)
    rake (13.0.6)
    rake-compiler (1.2.1)
      rake
    test-unit (3.5.7)
      power_assert

PLATFORMS
  arm64-darwin-22

DEPENDENCIES
  bundler
  io-nonblock!
  rake
  rake-compiler
  test-unit

BUNDLED WITH
   2.4.7
